GEM
  remote: https://rubygems.org/
  specs:
    builder (3.3.0)
    datadog (2.19.0)
      datadog-ruby_core_source (~> 3.4, >= 3.4.1)
      libdatadog (~> 18.1.0.1.0)
      libddwaf (~> 1.24.1.0.3)
      logger
      msgpack
    datadog-ci (1.17.0)
      datadog (~> 2.4)
      drb
      msgpack
    datadog-ruby_core_source (3.4.1)
    diff-lcs (1.6.2)
    drb (2.2.3)
    ffi (1.17.2-aarch64-linux-musl)
    ffi (1.17.2-arm64-darwin)
    ffi (1.17.2-x86_64-linux-gnu)
    ffi (1.17.2-x86_64-linux-musl)
    libdatadog (18.1.0.1.0)
    libdatadog (18.1.0.1.0-aarch64-linux)
    libdatadog (18.1.0.1.0-x86_64-linux)
    libddwaf (1.24.1.0.3-aarch64-linux)
      ffi (~> 1.0)
    libddwaf (1.24.1.0.3-arm64-darwin)
      ffi (~> 1.0)
    libddwaf (1.24.1.0.3-x86_64-linux)
      ffi (~> 1.0)
    logger (1.7.0)
    msgpack (1.8.0)
    rake (13.3.0)
    rspec (3.13.0)
      rspec-core (~> 3.13.0)
      rspec-expectations (~> 3.13.0)
      rspec-mocks (~> 3.13.0)
    rspec-core (3.13.0)
      rspec-support (~> 3.13.0)
    rspec-expectations (3.13.0)
      diff-lcs (>= 1.2.0, < 2.0)
      rspec-support (~> 3.13.0)
    rspec-mocks (3.13.0)
      diff-lcs (>= 1.2.0, < 2.0)
      rspec-support (~> 3.13.0)
    rspec-support (3.13.4)
    yarjuf (2.0.0)
      builder
      rspec (~> 3)

PLATFORMS
  aarch64-linux-musl
  arm64-darwin-24
  x86_64-linux
  x86_64-linux-musl

DEPENDENCIES
  datadog-ci (~> 1.17.0)
  rake
  rspec (= 3.13.0)
  rspec-core (= 3.13.0)
  rspec-expectations (= 3.13.0)
  rspec-mocks (= 3.13.0)
  yarjuf

RUBY VERSION
   ruby 3.2.5p208

BUNDLED WITH
   2.4.19
